PATH
  remote: .
  specs:
    magnum-addon-flowdock (0.0.1)
      flowdock (~> 0)
      hashr (~> 0)

GEM
  remote: https://rubygems.org/
  specs:
    diff-lcs (1.2.4)
    flowdock (0.3.1)
      httparty (~> 0.7)
      multi_json
    hashr (0.0.22)
    httparty (0.12.0)
      json (~> 1.8)
      multi_xml (>= 0.5.2)
    json (1.8.1)
    multi_json (1.8.2)
    multi_xml (0.5.5)
    rake (10.1.0)
    rspec (2.14.1)
      rspec-core (~> 2.14.0)
      rspec-expectations (~> 2.14.0)
      rspec-mocks (~> 2.14.0)
    rspec-core (2.14.7)
    rspec-expectations (2.14.3)
      diff-lcs (>= 1.1.3, < 2.0)
    rspec-mocks (2.14.4)
    simplecov (0.7.1)
      multi_json (~> 1.0)
      simplecov-html (~> 0.7.1)
    simplecov-html (0.7.1)

PLATFORMS
  ruby

DEPENDENCIES
  bundler (~> 1.3)
  magnum-addon-flowdock!
  rake (~> 10.0)
  rspec (~> 2.13)
  simplecov (~> 0.7)
